PATH
  remote: .
  specs:
    yauth (0.2.0)
      bcrypt-ruby (>= 2.1.4)
      thor (~> 0.14.0)
      warden (~> 1.0)

GEM
  remote: http://rubygems.org/
  specs:
    ZenTest (4.8.2)
    autotest (4.4.6)
      ZenTest (>= 4.4.1)
    bcrypt-ruby (3.0.1)
    notifier (0.4.1)
    rack (1.4.1)
    rcov (1.0.0)
    test_notifier (0.3.6)
      notifier
    thor (0.14.6)
    warden (1.2.1)
      rack (>= 1.0)

PLATFORMS
  ruby

DEPENDENCIES
  autotest (~> 4.4)
  rcov
  test_notifier (~> 0.3.6)
  yauth!
